GIT
  remote: git://github.com/grossadamm/sunspot.git
  revision: f27dcf78859ac974a48eafab3e84271f092f0c8a
  specs:
    sunspot (2.1.1)
      pr_geohash (~> 1.0)
      rsolr (~> 1.0.7)

PATH
  remote: .
  specs:
    sunspot_matchers (2.1.1.0)

GEM
  remote: https://rubygems.org/
  specs:
    builder (3.2.2)
    diff-lcs (1.2.5)
    pr_geohash (1.0.0)
    rake (10.3.1)
    rsolr (1.0.10)
      builder (>= 2.1.2)
    rspec (2.14.1)
      rspec-core (~> 2.14.0)
      rspec-expectations (~> 2.14.0)
      rspec-mocks (~> 2.14.0)
    rspec-core (2.14.8)
    rspec-expectations (2.14.5)
      diff-lcs (>= 1.1.3, < 2.0)
    rspec-mocks (2.14.6)

PLATFORMS
  ruby

DEPENDENCIES
  bundler (>= 1.0.0)
  rake
  rspec (~> 2.0)
  sunspot!
  sunspot_matchers!
