PATH
  remote: .
  specs:
    sunspot_matchers (2.1.0.1)

GEM
  remote: https://rubygems.org/
  specs:
    builder (3.2.2)
    diff-lcs (1.2.5)
    pr_geohash (1.0.0)
    rake (0.8.7)
    rsolr (1.0.9)
      builder (>= 2.1.2)
    rspec (3.0.0.beta2)
      rspec-core (= 3.0.0.beta2)
      rspec-expectations (= 3.0.0.beta2)
      rspec-mocks (= 3.0.0.beta2)
    rspec-core (3.0.0.beta2)
      rspec-support (= 3.0.0.beta2)
    rspec-expectations (3.0.0.beta2)
      diff-lcs (>= 1.2.0, < 2.0)
      rspec-support (= 3.0.0.beta2)
    rspec-its (1.0.1)
      rspec-core (>= 2.99.0.beta1)
      rspec-expectations (>= 2.99.0.beta1)
    rspec-mocks (3.0.0.beta2)
      rspec-support (= 3.0.0.beta2)
    rspec-support (3.0.0.beta2)
    sunspot (2.1.0)
      pr_geohash (~> 1.0)
      rsolr (~> 1.0.7)

PLATFORMS
  ruby

DEPENDENCIES
  bundler (>= 1.0.0)
  rake
  rspec (~> 3.0.0.beta2)
  rspec-its
  sunspot (~> 2.1.0)
  sunspot_matchers!
